GEM
  remote: https://rubygems.org/
  specs:
    cuba (3.4.0)
      rack
    hiredis (0.6.0)
    mini-mqtt (0.0.1)
      rake
    msgpack (0.5.11)
    nido (0.0.1)
    ohm (2.2.0)
      msgpack
      nido
      redic
      stal
    rack (1.6.0)
    rake (10.4.2)
    redic (1.4.1)
      hiredis
    stal (0.1.0)
      redic

PLATFORMS
  ruby

DEPENDENCIES
  cuba
  mini-mqtt
  ohm
