GEM
  remote: https://rubygems.org/
  specs:
    cuba (3.4.0)
      rack
    hiredis (0.6.0)
    mqtt (0.3.1)
    msgpack (0.5.11)
    nido (0.0.1)
    ohm (2.2.0)
      msgpack
      nido
      redic
      stal
    rack (1.6.0)
    redic (1.4.1)
      hiredis
    stal (0.1.0)
      redic

PLATFORMS
  ruby

DEPENDENCIES
  cuba
  mqtt
  ohm
